GEM
  remote: https://rubygems.org/
  specs:
    activemodel (7.1.3.2)
      activesupport (= 7.1.3.2)
    activerecord (7.1.3.2)
      activemodel (= 7.1.3.2)
      activesupport (= 7.1.3.2)
      timeout (>= 0.4.0)
    activerecord-postgresql-adapter (0.0.1)
      pg
    activesupport (7.1.3.2)
      base64
      bigdecimal
      concurrent-ruby (~> 1.0, >= 1.0.2)
      connection_pool (>= 2.2.5)
      drb
      i18n (>= 1.6, < 2)
      minitest (>= 5.1)
      mutex_m
      tzinfo (~> 2.0)
    acts_as_list (1.1.0)
      activerecord (>= 4.2)
    ast (2.4.2)
    backport (1.2.0)
    base64 (0.2.0)
    benchmark (0.3.0)
    bidi (0.0.2)
    bigdecimal (3.1.7)
    chronic (0.10.2)
    clipboard (1.3.6)
    commonmarker (1.0.4-arm64-darwin)
    commonmarker (1.0.4-x64-mingw-ucrt)
    commonmarker (1.0.4-x86_64-darwin)
    commonmarker (1.0.4-x86_64-linux)
    concurrent-ruby (1.2.3)
    connection_pool (2.4.1)
    content_disposition (1.0.0)
    diff-lcs (1.5.1)
    drb (2.2.1)
    e2mmap (0.1.0)
    encrypted_cookie (0.1.0)
      rack (>= 1.1, < 3)
    ffi (1.16.3)
    github-markup (4.0.2)
    groupdate (6.4.0)
      activesupport (>= 6.1)
    i18n (1.14.4)
      concurrent-ruby (~> 1.0)
    jaro_winkler (1.5.6)
    json (2.7.1)
    kramdown (2.4.0)
      rexml
    kramdown-parser-gfm (1.1.0)
      kramdown (~> 2.0)
    language_server-protocol (3.17.0.3)
    localhost (1.2.0)
    matrix (0.4.2)
    minitest (5.22.3)
    multi_json (1.15.0)
    mustermann (1.1.2)
      ruby2_keywords (~> 0.0.1)
    mutex_m (0.2.0)
    nio4r (2.7.1)
    nokogiri (1.16.3-arm64-darwin)
      racc (~> 1.4)
    nokogiri (1.16.3-x64-mingw-ucrt)
      racc (~> 1.4)
    nokogiri (1.16.3-x86_64-darwin)
      racc (~> 1.4)
    nokogiri (1.16.3-x86_64-linux)
      racc (~> 1.4)
    os (1.1.4)
    pandoc-ruby (2.1.10)
    parallel (1.24.0)
    parser (3.3.0.5)
      ast (~> 2.4.1)
      racc
    pdf-core (0.10.0)
    pg (1.5.6)
    prawn (2.5.0)
      matrix (~> 0.4)
      pdf-core (~> 0.10.0)
      ttfunk (~> 1.8)
    puma (6.4.2)
      nio4r (~> 2.0)
    racc (1.7.3)
    rack (2.2.9)
    rack-protection (2.1.0)
      rack
    rack-ssl-enforcer (0.2.9)
    rainbow (3.1.1)
    rake (13.1.0)
    rb_sys (0.9.90)
    rbs (2.8.4)
    redcarpet (3.6.0)
    regexp_parser (2.9.0)
    require_all (3.0.0)
    reverse_markdown (2.1.1)
      nokogiri
    rexml (3.2.6)
    rubocop (1.62.1)
      json (~> 2.3)
      language_server-protocol (>= 3.17.0)
      parallel (~> 1.10)
      parser (>= 3.3.0.2)
      rainbow (>= 2.2.2, < 4.0)
      regexp_parser (>= 1.8, < 3.0)
      rexml (>= 3.2.5, < 4.0)
      rubocop-ast (>= 1.31.1, < 2.0)
      ruby-progressbar (~> 1.7)
      unicode-display_width (>= 2.4.0, < 3.0)
    rubocop-ast (1.31.2)
      parser (>= 3.3.0.4)
    ruby-progressbar (1.13.0)
    ruby2_keywords (0.0.5)
    rubyXL (3.4.26)
      nokogiri (>= 1.10.8)
      rubyzip (>= 1.3.0)
    rubyzip (2.3.2)
    sinatra (2.1.0)
      mustermann (~> 1.0)
      rack (~> 2.2)
      rack-protection (= 2.1.0)
      tilt (~> 2.0)
    sinatra-activerecord (2.0.27)
      activerecord (>= 4.1)
      sinatra (>= 1.0)
    sinatra-contrib (2.1.0)
      multi_json
      mustermann (~> 1.0)
      rack-protection (= 2.1.0)
      sinatra (= 2.1.0)
      tilt (~> 2.0)
    sinatra-cors (1.2.0)
    sinatra-cross_origin (0.4.0)
    sinatra-partial (1.0.1)
      sinatra (>= 1.4)
    sinatra-reloader (1.0)
      sinatra-contrib
    slim (3.0.8)
      temple (>= 0.7.6, < 0.9)
      tilt (>= 1.3.3, < 2.1)
    solargraph (0.50.0)
      backport (~> 1.2)
      benchmark
      bundler (~> 2.0)
      diff-lcs (~> 1.4)
      e2mmap
      jaro_winkler (~> 1.5)
      kramdown (~> 2.3)
      kramdown-parser-gfm (~> 1.1)
      parser (~> 3.0)
      rbs (~> 2.0)
      reverse_markdown (~> 2.0)
      rubocop (~> 1.38)
      thor (~> 1.0)
      tilt (~> 2.0)
      yard (~> 0.9, >= 0.9.24)
    temple (0.8.2)
    thor (1.3.1)
    tilt (2.0.11)
    timeout (0.4.1)
    ttfunk (1.8.0)
      bigdecimal (~> 3.1)
    tzinfo (2.0.6)
      concurrent-ruby (~> 1.0)
    unicode-display_width (2.5.0)
    whenever (1.0.0)
      chronic (>= 0.6.3)
    yard (0.9.36)

PLATFORMS
  arm64-darwin-22
  x64-mingw-ucrt
  x86_64-darwin-20
  x86_64-linux

DEPENDENCIES
  activerecord (~> 7.0, >= 7.0.4.2)
  activerecord-postgresql-adapter
  acts_as_list
  bidi
  clipboard (~> 1.3, >= 1.3.6)
  commonmarker
  content_disposition (~> 1.0)
  encrypted_cookie
  ffi (~> 1.16, >= 1.16.3)
  github-markup
  groupdate
  localhost
  matrix
  os
  pandoc-ruby
  pg (~> 1.5, >= 1.5.4)
  prawn
  puma
  rack-ssl-enforcer
  rainbow
  rake (~> 13.1.0)
  rb_sys
  redcarpet
  require_all
  rubyXL
  sinatra (= 2.1.0)
  sinatra-activerecord
  sinatra-cors (~> 1.2)
  sinatra-cross_origin
  sinatra-partial
  sinatra-reloader
  slim (= 3.0.8)
  solargraph
  whenever

RUBY VERSION
   ruby 3.3.0p0

BUNDLED WITH
   2.3.11
