GEM
  remote: https://rubygems.org/
  specs:
    activemodel (7.1.3.2)
      activesupport (= 7.1.3.2)
    activerecord (7.1.3.2)
      activemodel (= 7.1.3.2)
      activesupport (= 7.1.3.2)
      timeout (>= 0.4.0)
    activerecord-postgresql-adapter (0.0.1)
      pg
    activesupport (7.1.3.2)
      base64
      bigdecimal
      concurrent-ruby (~> 1.0, >= 1.0.2)
      connection_pool (>= 2.2.5)
      drb
      i18n (>= 1.6, < 2)
      minitest (>= 5.1)
      mutex_m
      tzinfo (~> 2.0)
    base64 (0.2.0)
    bigdecimal (3.1.8)
    concurrent-ruby (1.2.3)
    connection_pool (2.4.1)
    drb (2.2.1)
    encrypted_cookie (0.1.0)
      rack (>= 1.1, < 3)
    groupdate (6.4.0)
      activesupport (>= 6.1)
    i18n (1.14.5)
      concurrent-ruby (~> 1.0)
    kramdown (2.4.0)
      rexml
    minitest (5.22.3)
    multi_json (1.15.0)
    mustermann (1.1.2)
      ruby2_keywords (~> 0.0.1)
    mutex_m (0.2.0)
    nio4r (2.7.3)
    nokogiri (1.16.4-arm64-darwin)
      racc (~> 1.4)
    nokogiri (1.16.4-x64-mingw-ucrt)
      racc (~> 1.4)
    nokogiri (1.16.4-x86_64-darwin)
      racc (~> 1.4)
    nokogiri (1.16.4-x86_64-linux)
      racc (~> 1.4)
    pandoc-ruby (2.1.10)
    pg (1.5.6)
    puma (6.4.2)
      nio4r (~> 2.0)
    racc (1.7.3)
    rack (2.2.9)
    rack-protection (2.1.0)
      rack
    rack-ssl-enforcer (0.2.9)
    rainbow (3.1.1)
    rake (13.1.0)
    require_all (3.0.0)
    rexml (3.2.6)
    ruby2_keywords (0.0.5)
    rubyXL (3.4.27)
      nokogiri (>= 1.10.8)
      rubyzip (>= 1.3.0)
    rubyzip (2.3.2)
    sinatra (2.1.0)
      mustermann (~> 1.0)
      rack (~> 2.2)
      rack-protection (= 2.1.0)
      tilt (~> 2.0)
    sinatra-activerecord (2.0.27)
      activerecord (>= 4.1)
      sinatra (>= 1.0)
    sinatra-contrib (2.1.0)
      multi_json
      mustermann (~> 1.0)
      rack-protection (= 2.1.0)
      sinatra (= 2.1.0)
      tilt (~> 2.0)
    sinatra-partial (1.0.1)
      sinatra (>= 1.4)
    sinatra-reloader (1.0)
      sinatra-contrib
    slim (3.0.8)
      temple (>= 0.7.6, < 0.9)
      tilt (>= 1.3.3, < 2.1)
    temple (0.8.2)
    tilt (2.0.11)
    timeout (0.4.1)
    tzinfo (2.0.6)
      concurrent-ruby (~> 1.0)

PLATFORMS
  arm64-darwin-22
  x64-mingw-ucrt
  x86_64-darwin-20
  x86_64-linux

DEPENDENCIES
  activerecord (~> 7.0, >= 7.0.4.2)
  activerecord-postgresql-adapter
  encrypted_cookie
  groupdate
  kramdown
  pandoc-ruby
  pg (~> 1.5, >= 1.5.4)
  puma
  rack-ssl-enforcer
  rainbow
  rake (~> 13.1.0)
  require_all
  rubyXL
  sinatra (= 2.1.0)
  sinatra-activerecord
  sinatra-partial
  sinatra-reloader
  slim (= 3.0.8)

RUBY VERSION
   ruby 3.3.0p0

BUNDLED WITH
   2.3.11
