GEM
  remote: https://rubygems.org/
  specs:
    activemodel (7.0.4.3)
      activesupport (= 7.0.4.3)
    activerecord (7.0.4.3)
      activemodel (= 7.0.4.3)
      activesupport (= 7.0.4.3)
    activerecord-postgresql-adapter (0.0.1)
      pg
    activesupport (7.0.4.3)
      concurrent-ruby (~> 1.0, >= 1.0.2)
      i18n (>= 1.6, < 2)
      minitest (>= 5.1)
      tzinfo (~> 2.0)
    aws-eventstream (1.2.0)
    aws-partitions (1.745.0)
    aws-sdk-core (3.171.0)
      aws-eventstream (~> 1, >= 1.0.2)
      aws-partitions (~> 1, >= 1.651.0)
      aws-sigv4 (~> 1.5)
      jmespath (~> 1, >= 1.6.1)
    aws-sdk-kms (1.63.0)
      aws-sdk-core (~> 3, >= 3.165.0)
      aws-sigv4 (~> 1.1)
    aws-sdk-s3 (1.120.1)
      aws-sdk-core (~> 3, >= 3.165.0)
      aws-sdk-kms (~> 1)
      aws-sigv4 (~> 1.4)
    aws-sigv4 (1.5.2)
      aws-eventstream (~> 1, >= 1.0.2)
    bidi (0.0.2)
    caracal (1.4.1)
      nokogiri (~> 1.6)
      rubyzip (~> 1.1)
      tilt (>= 1.4)
    chartkick (5.0.1)
    combine_pdf (1.0.22)
      matrix
      ruby-rc4 (>= 0.1.5)
    concurrent-ruby (1.2.2)
    content_disposition (1.0.0)
    daemons (1.4.1)
    eventmachine (1.2.7)
    groupdate (6.2.0)
      activesupport (>= 5.2)
    i18n (1.12.0)
      concurrent-ruby (~> 1.0)
    iso_country_codes (0.7.8)
    jmespath (1.6.2)
    matrix (0.4.2)
    minitest (5.18.0)
    multi_json (1.15.0)
    mustermann (1.1.2)
      ruby2_keywords (~> 0.0.1)
    nokogiri (1.14.3-arm64-darwin)
      racc (~> 1.4)
    nokogiri (1.14.3-x86_64-darwin)
      racc (~> 1.4)
    os (1.1.4)
    pandoc-ruby (2.1.7)
    pdf-core (0.9.0)
    pg (1.4.6)
    prawn (2.4.0)
      pdf-core (~> 0.9.0)
      ttfunk (~> 1.7)
    prawn-table (0.1.2)
    racc (1.6.2)
    rack (2.2.6.4)
    rack-protection (2.1.0)
      rack
    rainbow (3.1.1)
    rake (13.1.0)
    require_all (3.0.0)
    ruby-rc4 (0.1.5)
    ruby2_keywords (0.0.5)
    rubyXL (3.4.25)
      nokogiri (>= 1.10.8)
      rubyzip (>= 1.3.0)
    rubyzip (1.3.0)
    sinatra (2.1.0)
      mustermann (~> 1.0)
      rack (~> 2.2)
      rack-protection (= 2.1.0)
      tilt (~> 2.0)
    sinatra-activerecord (2.0.26)
      activerecord (>= 4.1)
      sinatra (>= 1.0)
    sinatra-contrib (2.1.0)
      multi_json
      mustermann (~> 1.0)
      rack-protection (= 2.1.0)
      sinatra (= 2.1.0)
      tilt (~> 2.0)
    sinatra-flash (0.3.0)
      sinatra (>= 1.0.0)
    sinatra-partial (1.0.1)
      sinatra (>= 1.4)
    sinatra-reloader (1.0)
      sinatra-contrib
    slim (3.0.8)
      temple (>= 0.7.6, < 0.9)
      tilt (>= 1.3.3, < 2.1)
    temple (0.8.2)
    thin (1.8.1)
      daemons (~> 1.0, >= 1.0.9)
      eventmachine (~> 1.0, >= 1.0.4)
      rack (>= 1, < 3)
    tilt (2.0.11)
    ttfunk (1.7.0)
    tzinfo (2.0.6)
      concurrent-ruby (~> 1.0)

PLATFORMS
  arm64-darwin-22
  x86_64-darwin-20

DEPENDENCIES
  activerecord (~> 7.0, >= 7.0.4.2)
  activerecord-postgresql-adapter
  aws-sdk-s3 (~> 1)
  bidi
  caracal (~> 1.4, >= 1.4.1)
  chartkick
  combine_pdf (= 1.0.22)
  content_disposition (~> 1.0)
  groupdate
  iso_country_codes
  matrix
  os
  pandoc-ruby
  pg
  prawn
  prawn-table (~> 0.1.0)
  rainbow
  rake (~> 13.1.0)
  require_all
  rubyXL
  sinatra (= 2.1.0)
  sinatra-activerecord
  sinatra-flash
  sinatra-partial
  sinatra-reloader
  slim (= 3.0.8)
  thin (= 1.8.1)

RUBY VERSION
   ruby 3.2.2p53

BUNDLED WITH
   2.3.11
