GEM
  remote: https://rubygems.org/
  specs:
    activemodel (7.0.4.3)
      activesupport (= 7.0.4.3)
    activerecord (7.0.4.3)
      activemodel (= 7.0.4.3)
      activesupport (= 7.0.4.3)
    activerecord-postgresql-adapter (0.0.1)
      pg
    activesupport (7.0.4.3)
      concurrent-ruby (~> 1.0, >= 1.0.2)
      i18n (>= 1.6, < 2)
      minitest (>= 5.1)
      tzinfo (~> 2.0)
    bidi (0.0.2)
    clipboard (1.3.6)
    commonmarker (0.23.10)
    concurrent-ruby (1.2.2)
    content_disposition (1.0.0)
    ffi (1.16.3)
    ffi (1.16.3-x64-mingw-ucrt)
    github-markup (4.0.2)
    groupdate (6.2.0)
      activesupport (>= 5.2)
    i18n (1.12.0)
      concurrent-ruby (~> 1.0)
    matrix (0.4.2)
    minitest (5.18.0)
    multi_json (1.15.0)
    mustermann (1.1.2)
      ruby2_keywords (~> 0.0.1)
    nio4r (2.7.0)
    nokogiri (1.14.3-arm64-darwin)
      racc (~> 1.4)
    nokogiri (1.14.3-x64-mingw-ucrt)
      racc (~> 1.4)
    nokogiri (1.14.3-x86_64-darwin)
      racc (~> 1.4)
    os (1.1.4)
    pandoc-ruby (2.1.7)
    pdf-core (0.9.0)
    pg (1.4.6)
    pg (1.4.6-x64-mingw-ucrt)
    prawn (2.4.0)
      pdf-core (~> 0.9.0)
      ttfunk (~> 1.7)
    prawn-table (0.1.2)
    puma (6.4.0)
      nio4r (~> 2.0)
    racc (1.6.2)
    rack (2.2.6.4)
    rack-protection (2.1.0)
      rack
    rainbow (3.1.1)
    rake (13.1.0)
    rb_sys (0.9.83)
    redcarpet (3.6.0)
    require_all (3.0.0)
    ruby2_keywords (0.0.5)
    rubyXL (3.4.25)
      nokogiri (>= 1.10.8)
      rubyzip (>= 1.3.0)
    rubyzip (1.3.0)
    sinatra (2.1.0)
      mustermann (~> 1.0)
      rack (~> 2.2)
      rack-protection (= 2.1.0)
      tilt (~> 2.0)
    sinatra-activerecord (2.0.26)
      activerecord (>= 4.1)
      sinatra (>= 1.0)
    sinatra-contrib (2.1.0)
      multi_json
      mustermann (~> 1.0)
      rack-protection (= 2.1.0)
      sinatra (= 2.1.0)
      tilt (~> 2.0)
    sinatra-partial (1.0.1)
      sinatra (>= 1.4)
    sinatra-reloader (1.0)
      sinatra-contrib
    slim (3.0.8)
      temple (>= 0.7.6, < 0.9)
      tilt (>= 1.3.3, < 2.1)
    temple (0.8.2)
    tilt (2.0.11)
    ttfunk (1.7.0)
    tzinfo (2.0.6)
      concurrent-ruby (~> 1.0)

PLATFORMS
  arm64-darwin-22
  x64-mingw-ucrt
  x86_64-darwin-20

DEPENDENCIES
  activerecord (~> 7.0, >= 7.0.4.2)
  activerecord-postgresql-adapter
  bidi
  clipboard (~> 1.3, >= 1.3.6)
  commonmarker
  content_disposition (~> 1.0)
  ffi
  github-markup
  groupdate
  matrix
  os
  pandoc-ruby
  pg
  prawn
  prawn-table (~> 0.1.0)
  puma
  rainbow
  rake (~> 13.1.0)
  rb_sys
  redcarpet
  require_all
  rubyXL
  sinatra (= 2.1.0)
  sinatra-activerecord
  sinatra-partial
  sinatra-reloader
  slim (= 3.0.8)

RUBY VERSION
   ruby 3.2.2p53

BUNDLED WITH
   2.3.11
